GEM
  remote: https://rubygem.org/