GEM
  remote: https://rubygems.org/

RUBY VERSION
   ruby 2.6.2p47

BUNDLED WITH
   2.5.3
